GEM
  remote: https://rubygems.org/
  specs:
    activesupport (7.0.4.2)
      concurrent-ruby (~> 1.0, >= 1.0.2)
      i18n (>= 1.6, < 2)
      minitest (>= 5.1)
      tzinfo (~> 2.0)
    addressable (2.8.1)
      public_suffix (>= 2.0.2, < 6.0)
    algolia (2.1.1)
      faraday (>= 0.15, < 2.0)
      multi_json (~> 1.0)
      net-http-persistent
    amazing_print (1.4.0)
    asciidoctor (2.0.18)
    bcp47 (0.3.3)
      i18n
    bibtex-ruby (6.0.0)
      latex-decode (~> 0.0)
    builder (3.2.4)
    cnccs (0.1.6)
    colorator (1.1.0)
    concurrent-ruby (1.2.2)
    connection_pool (2.3.0)
    domain_name (0.5.20190701)
      unf (>= 0.0.5, < 1.0.0)
    ebnf (2.2.1)
      amazing_print (~> 1.2)
      htmlentities (~> 4.3)
      rdf (~> 3.1)
      scanf (~> 1.0)
      sxp (~> 1.1)
      unicode-types (~> 1.6)
    em-websocket (0.5.3)
      eventmachine (>= 0.12.9)
      http_parser.rb (~> 0)
    equivalent-xml (0.6.0)
      nokogiri (>= 1.4.3)
    eventmachine (1.2.7)
    faraday (1.8.0)
      faraday-em_http (~> 1.0)
      faraday-em_synchrony (~> 1.0)
      faraday-excon (~> 1.1)
      faraday-httpclient (~> 1.0.1)
      faraday-net_http (~> 1.0)
      faraday-net_http_persistent (~> 1.1)
      faraday-patron (~> 1.0)
      faraday-rack (~> 1.0)
      multipart-post (>= 1.2, < 3)
      ruby2_keywords (>= 0.0.4)
    faraday-em_http (1.0.0)
    faraday-em_synchrony (1.0.0)
    faraday-excon (1.1.0)
    faraday-httpclient (1.0.1)
    faraday-net_http (1.0.1)
    faraday-net_http_persistent (1.2.0)
    faraday-patron (1.0.0)
    faraday-rack (1.0.0)
    faraday_middleware (1.2.0)
      faraday (~> 1.0)
    ffi (1.15.5)
    forwardable-extended (2.6.0)
    gb-agencies (0.0.7)
    google-protobuf (3.22.0-arm64-darwin)
    google-protobuf (3.22.0-x86_64-linux)
    graphql (1.13.19)
    graphql-client (0.16.0)
      activesupport (>= 3.0)
      graphql (~> 1.8)
    haml (5.2.2)
      temple (>= 0.8.0)
      tilt
    hamster (3.0.0)
      concurrent-ruby (~> 1.0)
    htmlentities (4.3.4)
    http-cookie (1.0.5)
      domain_name (~> 0.5)
    http_parser.rb (0.8.0)
    i18n (1.12.0)
      concurrent-ruby (~> 1.0)
    iso639 (1.3.2)
    isoics (0.1.11)
    jekyll (4.3.2)
      addressable (~> 2.4)
      colorator (~> 1.0)
      em-websocket (~> 0.5)
      i18n (~> 1.0)
      jekyll-sass-converter (>= 2.0, < 4.0)
      jekyll-watch (~> 2.0)
      kramdown (~> 2.3, >= 2.3.1)
      kramdown-parser-gfm (~> 1.0)
      liquid (~> 4.0)
      mercenary (>= 0.3.6, < 0.5)
      pathutil (~> 0.9)
      rouge (>= 3.0, < 5.0)
      safe_yaml (~> 1.0)
      terminal-table (>= 1.8, < 4.0)
      webrick (~> 1.7)
    jekyll-plugin-frontend-build (0.0.3)
      jekyll (~> 4.0)
    jekyll-sass-converter (3.0.0)
      sass-embedded (~> 1.54)
    jekyll-watch (2.2.1)
      listen (~> 3.0)
    json-canonicalization (0.3.1)
    json-ld (3.1.10)
      htmlentities (~> 4.3)
      json-canonicalization (~> 0.2)
      link_header (~> 0.0, >= 0.0.8)
      multi_json (~> 1.14)
      rack (~> 2.0)
      rdf (~> 3.1)
    json-ld-preloaded (3.1.6)
      json-ld (~> 3.1)
      rdf (~> 3.1)
    kramdown (2.4.0)
      rexml
    kramdown-parser-gfm (1.1.0)
      kramdown (~> 2.0)
    latex-decode (0.4.0)
    ld-patch (3.1.3)
      ebnf (~> 2.1)
      rdf (~> 3.1)
      rdf-xsd (~> 3.1)
      sparql (~> 3.1)
      sxp (~> 1.1)
    link_header (0.0.8)
    linkeddata (3.1.6)
      equivalent-xml (~> 0.6)
      json-ld (~> 3.1, >= 3.1.10)
      json-ld-preloaded (~> 3.1, >= 3.1.6)
      ld-patch (~> 3.1, >= 3.1.3)
      nokogiri (~> 1.12)
      rdf (~> 3.1, >= 3.1.15)
      rdf-aggregate-repo (~> 3.1)
      rdf-isomorphic (~> 3.1, >= 3.1.1)
      rdf-json (~> 3.1)
      rdf-microdata (~> 3.1, >= 3.1.4)
      rdf-n3 (~> 3.1, >= 3.1.2)
      rdf-normalize (~> 0.4)
      rdf-ordered-repo (~> 3.1, >= 3.1.1)
      rdf-rdfa (~> 3.1, >= 3.1.3)
      rdf-rdfxml (~> 3.1, >= 3.1.1)
      rdf-reasoner (~> 0.7, >= 0.7.2)
      rdf-tabular (~> 3.1, >= 3.1.1)
      rdf-trig (~> 3.1, >= 3.1.2)
      rdf-trix (~> 3.1, >= 3.1.1)
      rdf-turtle (~> 3.1, >= 3.1.3)
      rdf-vocab (~> 3.1, >= 3.1.14)
      rdf-xsd (~> 3.1, >= 3.1.1)
      shacl (~> 0.1, >= 0.1.1)
      shex (~> 0.6, >= 0.6.4)
      sparql (~> 3.1, >= 3.1.8)
      sparql-client (~> 3.1, >= 3.1.2)
    liquid (4.0.4)
    listen (3.8.0)
      rb-fsevent (~> 0.10, >= 0.10.3)
      rb-inotify (~> 0.9, >= 0.9.10)
    logger (1.5.3)
    mdb (0.5.0)
    mechanize (2.8.5)
      addressable (~> 2.8)
      domain_name (~> 0.5, >= 0.5.20190701)
      http-cookie (~> 1.0, >= 1.0.3)
      mime-types (~> 3.0)
      net-http-digest_auth (~> 1.4, >= 1.4.1)
      net-http-persistent (>= 2.5.2, < 5.0.dev)
      nokogiri (~> 1.11, >= 1.11.2)
      rubyntlm (~> 0.6, >= 0.6.3)
      webrick (~> 1.7)
      webrobots (~> 0.1.2)
    mercenary (0.4.0)
    mime-types (3.4.1)
      mime-types-data (~> 3.2015)
    mime-types-data (3.2023.0218.1)
    minitest (5.18.0)
    multi_json (1.15.0)
    multipart-post (2.3.0)
    net-http-digest_auth (1.4.1)
    net-http-persistent (4.0.1)
      connection_pool (~> 2.2)
    nokogiri (1.14.2-arm64-darwin)
      racc (~> 1.4)
    nokogiri (1.14.2-x86_64-linux)
      racc (~> 1.4)
    pathutil (0.16.2)
      forwardable-extended (~> 2.6)
    public_suffix (5.0.1)
    racc (1.6.2)
    rack (2.2.6.4)
    rb-fsevent (0.11.2)
    rb-inotify (0.10.1)
      ffi (~> 1.0)
    rdf (3.1.15)
      hamster (~> 3.0)
      link_header (~> 0.0, >= 0.0.8)
    rdf-aggregate-repo (3.1.0)
      rdf (~> 3.1)
    rdf-isomorphic (3.1.1)
      rdf (~> 3.1)
    rdf-json (3.1.0)
      rdf (~> 3.1)
    rdf-microdata (3.1.4)
      htmlentities (~> 4.3)
      nokogiri (~> 1.12)
      rdf (~> 3.1, >= 3.1.13)
      rdf-rdfa (~> 3.1, >= 3.1.3)
      rdf-xsd (~> 3.1)
    rdf-n3 (3.1.2)
      ebnf (~> 2.1)
      rdf (~> 3.1, >= 3.1.8)
      sparql (~> 3.1, >= 3.1.4)
      sxp (~> 1.1)
    rdf-normalize (0.4.0)
      rdf (~> 3.1)
    rdf-ordered-repo (3.1.1)
      rdf (~> 3.1)
    rdf-rdfa (3.1.3)
      haml (~> 5.2)
      htmlentities (~> 4.3)
      rdf (~> 3.1, >= 3.1.13)
      rdf-aggregate-repo (~> 3.1)
      rdf-vocab (~> 3.1, >= 3.1.11)
      rdf-xsd (~> 3.1)
    rdf-rdfxml (3.1.1)
      htmlentities (~> 4.3)
      rdf (~> 3.1)
      rdf-rdfa (~> 3.1)
      rdf-xsd (~> 3.1)
    rdf-reasoner (0.7.2)
      rdf (~> 3.1, >= 3.1.12)
      rdf-xsd (~> 3.1)
    rdf-tabular (3.1.1)
      addressable (~> 2.3)
      bcp47 (~> 0.3, >= 0.3.3)
      json-ld (~> 3.1)
      rdf (~> 3.1)
      rdf-vocab (~> 3.1)
      rdf-xsd (~> 3.1)
    rdf-trig (3.1.2)
      ebnf (~> 2.1)
      rdf (~> 3.1)
      rdf-turtle (~> 3.1)
    rdf-trix (3.1.1)
      rdf (~> 3.1)
      rdf-xsd (~> 3.1)
    rdf-turtle (3.1.3)
      ebnf (~> 2.1)
      rdf (~> 3.1, >= 3.1.8)
    rdf-vocab (3.1.14)
      rdf (~> 3.1, >= 3.1.12)
    rdf-xsd (3.1.1)
      rdf (~> 3.1)
      rexml (~> 3.2)
    relaton (1.9.8)
      relaton-3gpp (~> 1.9.0)
      relaton-bipm (~> 1.9.0)
      relaton-bsi (~> 1.9.0)
      relaton-calconnect (~> 1.9.0)
      relaton-cen (~> 1.9.0)
      relaton-cie (~> 1.9.0)
      relaton-ecma (~> 1.9.0)
      relaton-gb (~> 1.9.0)
      relaton-iana (~> 1.9.0)
      relaton-iec (~> 1.9.0)
      relaton-ieee (~> 1.9.0)
      relaton-ietf (>= 1.9.7)
      relaton-iho (~> 1.9.0)
      relaton-iso (~> 1.9.0)
      relaton-itu (~> 1.9.0)
      relaton-nist (>= 1.9.2)
      relaton-ogc (~> 1.9.0)
      relaton-omg (~> 1.9.0)
      relaton-un (~> 1.9.0)
      relaton-w3c (~> 1.9.0)
    relaton-3gpp (1.9.4)
      mdb (~> 0.5.0)
      relaton-bib (~> 1.9.0)
      rubyzip (~> 2.3.0)
    relaton-bib (1.9.17)
      addressable
      bibtex-ruby
      iso639
      nokogiri
    relaton-bipm (1.9.1)
      mechanize (~> 2.8.0)
      relaton-bib (~> 1.9.0)
      serrano (~> 1.0)
    relaton-bsi (1.9.5)
      algolia (~> 2.1.1)
      graphql-client (~> 0.16.0)
      relaton-iso-bib (~> 1.9.0)
    relaton-calconnect (1.9.2)
      faraday
      relaton-bib (~> 1.9.0)
    relaton-cen (1.9.2)
      mechanize
      relaton-iso-bib (~> 1.9.0)
    relaton-cie (1.9.1)
      mechanize (~> 2.8.0)
      relaton-bib (~> 1.9.0)
    relaton-ecma (1.9.0)
      relaton-bib (~> 1.9.0)
    relaton-gb (1.9.0)
      cnccs (~> 0.1.1)
      gb-agencies (~> 0.0.1)
      relaton-iso-bib (>= 1.9.0)
    relaton-iana (1.9.2)
      faraday (~> 1.8.0)
      relaton-bib (~> 1.9.0)
    relaton-iec (1.9.0)
      addressable
      relaton-iso-bib (~> 1.9.0)
    relaton-ieee (1.9.4)
      faraday (~> 1.1)
      relaton-bib (>= 1.9.5)
      rubyzip (~> 2.3.0)
    relaton-ietf (1.9.10)
      relaton-bib (>= 1.9.12)
      zlib (~> 1.1.0)
    relaton-iho (1.9.0)
      relaton-bib (~> 1.9.0)
    relaton-iso (1.9.1)
      algolia
      relaton-iso-bib (~> 1.9.0)
    relaton-iso-bib (1.9.0)
      isoics (~> 0.1.6)
      relaton-bib (~> 1.9.0)
    relaton-itu (1.9.0)
      mechanize (~> 2.8.0)
      relaton-bib (~> 1.9.0)
    relaton-nist (1.9.3)
      relaton-bib (~> 1.9.0)
      rubyzip
    relaton-ogc (1.9.3)
      faraday (~> 1.1)
      relaton-iso-bib (~> 1.9.0)
    relaton-omg (1.9.0)
      relaton-bib (~> 1.9.0)
    relaton-un (1.9.0)
      faraday
      http-cookie
      relaton-bib (~> 1.9.0)
      unf_ext (>= 0.0.7.7)
    relaton-w3c (1.9.4)
      linkeddata (~> 3.1.0)
      mechanize (~> 2.8.0)
      rdf (~> 3.1.0)
      relaton-bib (>= 1.9.0)
      sparql (~> 3.1.0)
    rexml (3.2.5)
    rouge (4.1.0)
    ruby2_keywords (0.0.5)
    rubyntlm (0.6.3)
    rubyzip (2.3.2)
    safe_yaml (1.0.5)
    sass-embedded (1.58.3-arm64-darwin)
      google-protobuf (~> 3.21)
    sass-embedded (1.58.3-x86_64-linux-gnu)
      google-protobuf (~> 3.21)
    scanf (1.0.0)
    serrano (1.0.0)
      faraday (~> 1.1)
      faraday_middleware (~> 1.0)
      multi_json (~> 1.15)
      thor (~> 1.0, >= 1.0.1)
    shacl (0.1.1)
      json-ld (~> 3.1, >= 3.1.7)
      rdf (~> 3.1, >= 3.1.8)
      sparql (~> 3.1)
      sxp (~> 1.1)
    shex (0.6.4)
      ebnf (~> 2.1, >= 2.2)
      htmlentities (~> 4.3)
      json-ld (~> 3.1)
      json-ld-preloaded (~> 3.1)
      rdf (~> 3.1)
      rdf-xsd (~> 3.1)
      sparql (~> 3.1)
      sxp (~> 1.1)
    sparql (3.1.8)
      builder (~> 3.2)
      ebnf (~> 2.1)
      logger (~> 1.4)
      rdf (~> 3.1, >= 3.1.14)
      rdf-aggregate-repo (~> 3.1)
      rdf-xsd (~> 3.1)
      sparql-client (~> 3.1, >= 3.1.2)
      sxp (~> 1.1)
    sparql-client (3.1.2)
      net-http-persistent (~> 4.0, >= 4.0.1)
      rdf (~> 3.1)
    sxp (1.1.0)
      rdf (~> 3.1)
    temple (0.10.0)
    terminal-table (3.0.2)
      unicode-display_width (>= 1.1.1, < 3)
    thor (1.2.1)
    tilt (2.1.0)
    tzinfo (2.0.6)
      concurrent-ruby (~> 1.0)
    unf (0.1.4)
      unf_ext
    unf_ext (0.0.8.2)
    unicode-display_width (2.4.2)
    unicode-types (1.8.0)
    webrick (1.8.1)
    webrobots (0.1.2)
    zlib (1.1.0)

PLATFORMS
  arm64-darwin-21
  x86_64-linux

DEPENDENCIES
  asciidoctor
  jekyll (~> 4.2)
  jekyll-plugin-frontend-build
  nokogiri
  relaton
  tzinfo-data

BUNDLED WITH
   2.3.21
